GEM
  remote: https://rubygems.org/
  specs:
    ansi (1.5.0)
    docker-api (2.2.0)
      excon (>= 0.47.0)
      multi_json
    dotenv (2.7.6)
    excon (0.85.0)
    hashie (5.0.0)
    itamae (1.13.1)
      ansi
      hashie
      schash (~> 0.1.0)
      specinfra (>= 2.64.0, < 3.0.0)
      thor (>= 1.0.0)
    itamae-plugin-recipe-datadog (0.3.1)
      itamae
    multi_json (1.15.0)
    net-scp (1.2.1)
      net-ssh (>= 2.6.5)
    net-ssh (7.0.1)
    net-telnet (0.1.1)
    rake (13.0.6)
    schash (0.1.2)
    sfl (2.3)
    specinfra (2.83.2)
      net-scp
      net-ssh (>= 2.7)
      net-telnet (= 0.1.1)
      sfl
    thor (1.2.1)

PLATFORMS
  ruby

DEPENDENCIES
  docker-api
  dotenv
  itamae
  itamae-plugin-recipe-datadog (>= 0.3.0)
  net-ssh (>= 7.0.0.beta1)
  rake

BUNDLED WITH
   2.3.9
