GEM
  remote: https://rubygems.org/
  specs:
    ansi (1.5.0)
    docker-api (2.2.0)
      excon (>= 0.47.0)
      multi_json
    dotenv (2.8.1)
    excon (0.100.0)
    hashie (5.0.0)
    itamae (1.14.1)
      ansi
      hashie
      schash (~> 0.1.0)
      specinfra (>= 2.64.0, < 3.0.0)
      thor (>= 1.0.0)
    itamae-plugin-recipe-datadog (0.3.1)
      itamae
    itamae-plugin-recipe-rust (0.1.0)
      itamae
    multi_json (1.15.0)
    net-scp (4.0.0)
      net-ssh (>= 2.6.5, < 8.0.0)
    net-ssh (7.2.0)
    net-telnet (0.1.1)
    rake (13.0.6)
    schash (0.1.2)
    sfl (2.3)
    specinfra (2.86.0)
      net-scp
      net-ssh (>= 2.7)
      net-telnet (= 0.1.1)
      sfl
    thor (1.2.2)

PLATFORMS
  ruby

DEPENDENCIES
  docker-api
  dotenv
  itamae
  itamae-plugin-recipe-datadog (>= 0.3.0)
  itamae-plugin-recipe-rust
  net-ssh (>= 7.0.0)
  rake

BUNDLED WITH
   2.3.9
