GEM
  remote: https://rubygems.org/
  specs:
    ansi (1.5.0)
    docker-api (2.2.0)
      excon (>= 0.47.0)
      multi_json
    dotenv (2.7.6)
    excon (0.85.0)
    hashie (5.0.0)
    itamae (1.12.5)
      ansi
      hashie
      schash (~> 0.1.0)
      specinfra (>= 2.64.0, < 3.0.0)
      thor
    itamae-plugin-recipe-datadog (0.2.1)
    multi_json (1.15.0)
    net-scp (3.0.0)
      net-ssh (>= 2.6.5, < 7.0.0)
    net-ssh (6.1.0)
    net-telnet (0.1.1)
    rake (13.0.6)
    schash (0.1.2)
    sfl (2.3)
    specinfra (2.83.1)
      net-scp
      net-ssh (>= 2.7)
      net-telnet (= 0.1.1)
      sfl
    thor (1.1.0)

PLATFORMS
  ruby

DEPENDENCIES
  docker-api
  dotenv
  itamae
  itamae-plugin-recipe-datadog (>= 0.2.1)
  rake

BUNDLED WITH
   2.2.22
